GEM
  remote: http://rubygems.org/
  specs:
    rufus-scheduler (3.0.3)
      tzinfo
    thread_safe (0.3.6)
    tzinfo (1.2.5)
      thread_safe (~> 0.1)

PLATFORMS
  ruby

DEPENDENCIES
  rufus-scheduler (= 3.0.3)

BUNDLED WITH
   1.16.1
