GEM
  remote: http://rubygems.org/
  specs:
    et-orbi (1.2.2)
      tzinfo
    fugit (1.3.3)
      et-orbi (~> 1.1, >= 1.1.8)
      raabro (~> 1.1)
    raabro (1.1.6)
    rufus-scheduler (3.5.2)
      fugit (~> 1.1, >= 1.1.5)
    thread_safe (0.3.6)
    tzinfo (1.2.6)
      thread_safe (~> 0.1)

PLATFORMS
  ruby

DEPENDENCIES
  rufus-scheduler (= 3.5.2)

BUNDLED WITH
   2.1.4
